GIT
  remote: https://github.com/criteo/vagrant-winrm.git
  revision: c478aecefebcea4caddebecc01451ddbcbfdae31
  specs:
    vagrant-winrm (0.7.0)
      minitar (~> 0.5)

GEM
  remote: https://rubygems.org/
  specs:
    builder (3.2.2)
    coderay (1.1.0)
    ffi (1.9.8-x86-mingw32)
    gssapi (1.2.0)
      ffi (>= 1.0.1)
    gyoku (1.3.1)
      builder (>= 2.1.2)
    httpclient (2.6.0.1)
    kitchen-dsc (0.3.0)
    kitchen-pester (0.1.2)
      test-kitchen (> 1.4.0.rc)
    kitchen-vagrant (0.16.0)
      test-kitchen (~> 1.0)
    kitchen-vagrant_winrm (0.3.0)
      test-kitchen (>= 1.2.1)
    little-plugger (1.1.3)
    logging (1.8.2)
      little-plugger (>= 1.1.3)
      multi_json (>= 1.8.4)
    method_source (0.8.2)
    minitar (0.5.4)
    mixlib-shellout (2.0.1-x86-mingw32)
      win32-process (~> 0.7.1)
      windows-pr (~> 1.2.2)
    multi_json (1.11.0)
    net-scp (1.2.1)
      net-ssh (>= 2.6.5)
    net-ssh (2.9.2)
    nori (2.5.0)
    pry (0.10.1-x86-mingw32)
      coderay (~> 1.1.0)
      method_source (~> 0.8.1)
      slop (~> 3.4)
      win32console (~> 1.3)
    rubyntlm (0.4.0)
    rubyzip (1.1.7)
    safe_yaml (1.0.4)
    slop (3.6.0)
    test-kitchen (1.4.0.rc.1)
      mixlib-shellout (>= 1.2, < 3.0)
      net-scp (~> 1.1)
      net-ssh (~> 2.7)
      safe_yaml (~> 1.0)
      thor (~> 0.18)
    thor (0.19.1)
    uuidtools (2.1.5)
    win32-api (1.5.3-x86-mingw32)
    win32-process (0.7.5)
      ffi (>= 1.0.0)
    win32console (1.3.2-x86-mingw32)
    windows-api (0.4.4)
      win32-api (>= 1.4.5)
    windows-pr (1.2.4)
      win32-api (>= 1.4.5)
      windows-api (>= 0.4.0)
    winrm (1.3.2)
      builder (>= 2.1.2)
      gssapi (~> 1.2)
      gyoku (~> 1.0)
      httpclient (~> 2.2, >= 2.2.0.2)
      logging (~> 1.6, >= 1.6.1)
      nori (~> 2.0)
      rubyntlm (~> 0.4.0)
      uuidtools (~> 2.1.2)
    winrm-transport (1.0.0)
      rubyzip (~> 1.1, >= 1.1.7)
      winrm (~> 1.3)

PLATFORMS
  x86-mingw32

DEPENDENCIES
  kitchen-dsc
  kitchen-pester
  kitchen-vagrant
  kitchen-vagrant_winrm
  pry
  test-kitchen (= 1.4.0.rc.1)
  vagrant-winrm!
  winrm-transport
